GEM
  remote: https://rubygems.org/
  specs:
    hashdiff (0.2.2)
    mysql2 (0.3.17)
    sqlite3 (1.3.10)

PLATFORMS
  ruby

DEPENDENCIES
  hashdiff
  mysql2
  sqlite3
